PATH
  remote: .
  specs:
    gluten_free_restaurants (0.1.0)

GEM
  remote: https://rubygems.org/
  specs:
    rake (10.4.2)

PLATFORMS
  ruby

DEPENDENCIES
  bundler (~> 1.14)
  gluten_free_restaurants!
  rake (~> 10.0)

BUNDLED WITH
   1.14.6
